GIT
  remote: https://github.com/miharekar/omniauth-airtable.git
  revision: c51d9652ee2ab6e1e9808bf172c22d14174915a6
  specs:
    omniauth-airtable (1.0.0)
      omniauth (>= 1.9, < 3)
      omniauth-oauth2 (>= 1.4.0, < 2.0)

GIT
  remote: https://github.com/miharekar/tickly.git
  revision: 277b63c371e5a7f9d2a2a1410087ff6f21906cae
  specs:
    tickly (2.1.7)

GEM
  remote: https://rubygems.org/
  specs:
    actioncable (7.1.2)
      actionpack (= 7.1.2)
      activesupport (= 7.1.2)
      nio4r (~> 2.0)
      websocket-driver (>= 0.6.1)
      zeitwerk (~> 2.6)
    actionmailbox (7.1.2)
      actionpack (= 7.1.2)
      activejob (= 7.1.2)
      activerecord (= 7.1.2)
      activestorage (= 7.1.2)
      activesupport (= 7.1.2)
      mail (>= 2.7.1)
      net-imap
      net-pop
      net-smtp
    actionmailer (7.1.2)
      actionpack (= 7.1.2)
      actionview (= 7.1.2)
      activejob (= 7.1.2)
      activesupport (= 7.1.2)
      mail (~> 2.5, >= 2.5.4)
      net-imap
      net-pop
      net-smtp
      rails-dom-testing (~> 2.2)
    actionpack (7.1.2)
      actionview (= 7.1.2)
      activesupport (= 7.1.2)
      nokogiri (>= 1.8.5)
      racc
      rack (>= 2.2.4)
      rack-session (>= 1.0.1)
      rack-test (>= 0.6.3)
      rails-dom-testing (~> 2.2)
      rails-html-sanitizer (~> 1.6)
    actiontext (7.1.2)
      actionpack (= 7.1.2)
      activerecord (= 7.1.2)
      activestorage (= 7.1.2)
      activesupport (= 7.1.2)
      globalid (>= 0.6.0)
      nokogiri (>= 1.8.5)
    actionview (7.1.2)
      activesupport (= 7.1.2)
      builder (~> 3.1)
      erubi (~> 1.11)
      rails-dom-testing (~> 2.2)
      rails-html-sanitizer (~> 1.6)
    active_link_to (1.0.5)
      actionpack
      addressable
    activejob (7.1.2)
      activesupport (= 7.1.2)
      globalid (>= 0.3.6)
    activemodel (7.1.2)
      activesupport (= 7.1.2)
    activerecord (7.1.2)
      activemodel (= 7.1.2)
      activesupport (= 7.1.2)
      timeout (>= 0.4.0)
    activestorage (7.1.2)
      actionpack (= 7.1.2)
      activejob (= 7.1.2)
      activerecord (= 7.1.2)
      activesupport (= 7.1.2)
      marcel (~> 1.0)
    activesupport (7.1.2)
      base64
      bigdecimal
      concurrent-ruby (~> 1.0, >= 1.0.2)
      connection_pool (>= 2.2.5)
      drb
      i18n (>= 1.6, < 2)
      minitest (>= 5.1)
      mutex_m
      tzinfo (~> 2.0)
    addressable (2.8.5)
      public_suffix (>= 2.0.2, < 6.0)
    annotate (3.2.0)
      activerecord (>= 3.2, < 8.0)
      rake (>= 10.4, < 14.0)
    appsignal (3.4.16)
      rack
    ast (2.4.2)
    aws-eventstream (1.3.0)
    aws-partitions (1.864.0)
    aws-sdk-core (3.190.0)
      aws-eventstream (~> 1, >= 1.3.0)
      aws-partitions (~> 1, >= 1.651.0)
      aws-sigv4 (~> 1.8)
      jmespath (~> 1, >= 1.6.1)
    aws-sdk-kms (1.74.0)
      aws-sdk-core (~> 3, >= 3.188.0)
      aws-sigv4 (~> 1.1)
    aws-sdk-s3 (1.141.0)
      aws-sdk-core (~> 3, >= 3.189.0)
      aws-sdk-kms (~> 1)
      aws-sigv4 (~> 1.8)
    aws-sigv4 (1.8.0)
      aws-eventstream (~> 1, >= 1.0.2)
    aws_cf_signer (0.1.3)
    base64 (0.2.0)
    bcrypt (3.1.20)
    benchmark-ips (2.12.0)
    bigdecimal (3.1.5)
    bindex (0.8.1)
    bootsnap (1.17.0)
      msgpack (~> 1.2)
    brakeman (6.1.0)
    builder (3.2.4)
    cloudinary (1.28.0)
      aws_cf_signer
      rest-client (>= 2.0.0)
    coderay (1.1.3)
    colorize (1.1.0)
    concurrent-ruby (1.2.2)
    connection_pool (2.4.1)
    crack (0.4.5)
      rexml
    crass (1.0.6)
    date (3.3.4)
    debug (1.8.0)
      irb (>= 1.5.0)
      reline (>= 0.3.1)
    devise (4.9.3)
      bcrypt (~> 3.0)
      orm_adapter (~> 0.1)
      railties (>= 4.1.0)
      responders
      warden (~> 1.2.3)
    dockerfile-rails (1.5.12)
      rails (>= 3.0.0)
    domain_name (0.6.20231109)
    doorkeeper (5.6.8)
      railties (>= 5)
    drb (2.2.0)
      ruby2_keywords
    erubi (1.12.0)
    et-orbi (1.2.7)
      tzinfo
    faraday (2.7.12)
      base64
      faraday-net_http (>= 2.0, < 3.1)
      ruby2_keywords (>= 0.0.4)
    faraday-net_http (3.0.2)
    ffi (1.16.3)
    formatador (1.1.0)
    fugit (1.9.0)
      et-orbi (~> 1, >= 1.2.7)
      raabro (~> 1.4)
    globalid (1.2.1)
      activesupport (>= 6.1)
    google-protobuf (3.25.1)
    guard (2.18.1)
      formatador (>= 0.2.4)
      listen (>= 2.7, < 4.0)
      lumberjack (>= 1.0.12, < 2.0)
      nenv (~> 0.1)
      notiffany (~> 0.0)
      pry (>= 0.13.0)
      shellany (~> 0.0)
      thor (>= 0.18.1)
    guard-compat (1.2.1)
    guard-minitest (2.4.6)
      guard-compat (~> 1.2)
      minitest (>= 3.0)
    hashdiff (1.0.1)
    hashie (5.0.0)
    http-accept (1.7.0)
    http-cookie (1.0.5)
      domain_name (~> 0.5)
    i18n (1.14.1)
      concurrent-ruby (~> 1.0)
    image_processing (1.12.2)
      mini_magick (>= 4.9.5, < 5)
      ruby-vips (>= 2.0.17, < 3)
    importmap-rails (1.2.3)
      actionpack (>= 6.0.0)
      activesupport (>= 6.0.0)
      railties (>= 6.0.0)
    inline_svg (1.9.0)
      activesupport (>= 3.0)
      nokogiri (>= 1.6)
    io-console (0.6.0)
    irb (1.10.1)
      rdoc
      reline (>= 0.3.8)
    jmespath (1.6.2)
    json (2.7.1)
    jwt (2.7.1)
    kramdown (2.4.0)
      rexml
    kramdown-parser-gfm (1.1.0)
      kramdown (~> 2.0)
    language_server-protocol (3.17.0.3)
    launchy (2.5.2)
      addressable (~> 2.8)
    letter_opener (1.8.1)
      launchy (>= 2.2, < 3)
    lint_roller (1.1.0)
    listen (3.8.0)
      rb-fsevent (~> 0.10, >= 0.10.3)
      rb-inotify (~> 0.9, >= 0.9.10)
    loofah (2.22.0)
      crass (~> 1.0.2)
      nokogiri (>= 1.12.0)
    lumberjack (1.2.10)
    mail (2.8.1)
      mini_mime (>= 0.1.1)
      net-imap
      net-pop
      net-smtp
    marcel (1.0.2)
    memo_wise (1.8.0)
    method_source (1.0.0)
    mime-types (3.5.1)
      mime-types-data (~> 3.2015)
    mime-types-data (3.2023.1205)
    mini_magick (4.12.0)
    mini_mime (1.1.5)
    mini_portile2 (2.8.5)
    minitest (5.20.0)
    minitest-test_profile (0.2.2)
      minitest
    msgpack (1.7.2)
    multi_xml (0.6.0)
    mutex_m (0.2.0)
    nenv (0.3.0)
    net-imap (0.4.7)
      date
      net-protocol
    net-pop (0.1.2)
      net-protocol
    net-protocol (0.2.2)
      timeout
    net-smtp (0.4.0)
      net-protocol
    netrc (0.11.0)
    nio4r (2.7.0)
    nokogiri (1.15.5)
      mini_portile2 (~> 2.8.2)
      racc (~> 1.4)
    notiffany (0.1.3)
      nenv (~> 0.1)
      shellany (~> 0.0)
    oauth2 (2.0.9)
      faraday (>= 0.17.3, < 3.0)
      jwt (>= 1.0, < 3.0)
      multi_xml (~> 0.5)
      rack (>= 1.2, < 4)
      snaky_hash (~> 2.0)
      version_gem (~> 1.1)
    oj (3.16.2)
      bigdecimal (~> 3.1)
    omniauth (2.1.1)
      hashie (>= 3.4.6)
      rack (>= 2.2.3)
      rack-protection
    omniauth-oauth2 (1.8.0)
      oauth2 (>= 1.4, < 3)
      omniauth (~> 2.0)
    omniauth-rails_csrf_protection (1.0.1)
      actionpack (>= 4.2)
      omniauth (~> 2.0)
    orm_adapter (0.5.0)
    pagy (6.2.0)
    parallel (1.23.0)
    parser (3.2.2.4)
      ast (~> 2.4.1)
      racc
    pg (1.5.4)
    pg_query (4.2.3)
      google-protobuf (>= 3.22.3)
    pghero (3.4.0)
      activerecord (>= 6)
    propshaft (0.8.0)
      actionpack (>= 7.0.0)
      activesupport (>= 7.0.0)
      rack
      railties (>= 7.0.0)
    pry (0.14.2)
      coderay (~> 1.1)
      method_source (~> 1.0)
    psych (5.1.1.1)
      stringio
    public_suffix (5.0.4)
    puma (6.4.0)
      nio4r (~> 2.0)
    raabro (1.4.0)
    racc (1.7.3)
    rack (3.0.8)
    rack-mini-profiler (3.3.0)
      rack (>= 1.2.0)
    rack-protection (3.0.6)
      rack
    rack-session (2.0.0)
      rack (>= 3.0.0)
    rack-test (2.1.0)
      rack (>= 1.3)
    rackup (2.1.0)
      rack (>= 3)
      webrick (~> 1.8)
    rails (7.1.2)
      actioncable (= 7.1.2)
      actionmailbox (= 7.1.2)
      actionmailer (= 7.1.2)
      actionpack (= 7.1.2)
      actiontext (= 7.1.2)
      actionview (= 7.1.2)
      activejob (= 7.1.2)
      activemodel (= 7.1.2)
      activerecord (= 7.1.2)
      activestorage (= 7.1.2)
      activesupport (= 7.1.2)
      bundler (>= 1.15.0)
      railties (= 7.1.2)
    rails-dom-testing (2.2.0)
      activesupport (>= 5.0.0)
      minitest
      nokogiri (>= 1.6)
    rails-html-sanitizer (1.6.0)
      loofah (~> 2.21)
      nokogiri (~> 1.14)
    railties (7.1.2)
      actionpack (= 7.1.2)
      activesupport (= 7.1.2)
      irb
      rackup (>= 1.0.0)
      rake (>= 12.2)
      thor (~> 1.0, >= 1.2.2)
      zeitwerk (~> 2.6)
    rainbow (3.1.1)
    rake (13.1.0)
    rb-fsevent (0.11.2)
    rb-inotify (0.10.1)
      ffi (~> 1.0)
    rdoc (6.6.1)
      psych (>= 4.0.0)
    redis (5.0.8)
      redis-client (>= 0.17.0)
    redis-client (0.19.0)
      connection_pool
    redlock (2.0.6)
      redis-client (>= 0.14.1, < 1.0.0)
    regexp_parser (2.8.3)
    reline (0.4.1)
      io-console (~> 0.5)
    responders (3.1.1)
      actionpack (>= 5.2)
      railties (>= 5.2)
    rest-client (2.1.0)
      http-accept (>= 1.7.0, < 2.0)
      http-cookie (>= 1.0.2, < 2.0)
      mime-types (>= 1.16, < 4.0)
      netrc (~> 0.8)
    rexml (3.2.6)
    rubocop (1.57.2)
      json (~> 2.3)
      language_server-protocol (>= 3.17.0)
      parallel (~> 1.10)
      parser (>= 3.2.2.4)
      rainbow (>= 2.2.2, < 4.0)
      regexp_parser (>= 1.8, < 3.0)
      rexml (>= 3.2.5, < 4.0)
      rubocop-ast (>= 1.28.1, < 2.0)
      ruby-progressbar (~> 1.7)
      unicode-display_width (>= 2.4.0, < 3.0)
    rubocop-ast (1.30.0)
      parser (>= 3.2.1.0)
    rubocop-performance (1.19.1)
      rubocop (>= 1.7.0, < 2.0)
      rubocop-ast (>= 0.4.0)
    rubocop-rails (2.20.2)
      activesupport (>= 4.2.0)
      rack (>= 1.1)
      rubocop (>= 1.33.0, < 2.0)
    ruby-progressbar (1.13.0)
    ruby-vips (2.2.0)
      ffi (~> 1.12)
    ruby2_keywords (0.0.5)
    rufus-scheduler (3.9.1)
      fugit (~> 1.1, >= 1.1.6)
    shellany (0.0.1)
    sidekiq (7.2.0)
      concurrent-ruby (< 2)
      connection_pool (>= 2.3.0)
      rack (>= 2.2.4)
      redis-client (>= 0.14.0)
    sidekiq-scheduler (5.0.3)
      rufus-scheduler (~> 3.2)
      sidekiq (>= 6, < 8)
      tilt (>= 1.4.0)
    singed (0.2.1)
      colorize
      stackprof (>= 0.2.13)
    slim (5.2.0)
      temple (~> 0.10.0)
      tilt (>= 2.1.0)
    snaky_hash (2.0.1)
      hashie
      version_gem (~> 1.1, >= 1.1.1)
    stackprof (0.2.25)
    standard (1.32.1)
      language_server-protocol (~> 3.17.0.2)
      lint_roller (~> 1.0)
      rubocop (~> 1.57.2)
      standard-custom (~> 1.0.0)
      standard-performance (~> 1.2)
    standard-custom (1.0.2)
      lint_roller (~> 1.0)
      rubocop (~> 1.50)
    standard-performance (1.2.1)
      lint_roller (~> 1.1)
      rubocop-performance (~> 1.19.1)
    standard-rails (0.2.0)
      lint_roller (~> 1.0)
      rubocop-rails (~> 2.20.2)
    stimulus-rails (1.3.0)
      railties (>= 6.0.0)
    stringio (3.1.0)
    stripe (10.2.0)
    tailwindcss-rails (2.0.32-aarch64-linux)
      railties (>= 6.0.0)
    tailwindcss-rails (2.0.32-arm64-darwin)
      railties (>= 6.0.0)
    tailwindcss-rails (2.0.32-x86_64-linux)
      railties (>= 6.0.0)
    temple (0.10.3)
    thor (1.3.0)
    tilt (2.3.0)
    timeout (0.4.1)
    turbo-rails (2.0.0.pre.beta.1)
      actionpack (>= 6.0.0)
      activejob (>= 6.0.0)
      railties (>= 6.0.0)
    tzinfo (2.0.6)
      concurrent-ruby (~> 1.0)
    unicode-display_width (2.5.0)
    version_gem (1.1.3)
    warden (1.2.9)
      rack (>= 2.0.9)
    web-console (4.2.1)
      actionview (>= 6.0.0)
      activemodel (>= 6.0.0)
      bindex (>= 0.4.0)
      railties (>= 6.0.0)
    webmock (3.19.1)
      addressable (>= 2.8.0)
      crack (>= 0.3.2)
      hashdiff (>= 0.4.0, < 2.0.0)
    webrick (1.8.1)
    websocket-driver (0.7.6)
      websocket-extensions (>= 0.1.0)
    websocket-extensions (0.1.5)
    zeitwerk (2.6.12)

PLATFORMS
  aarch64-linux
  arm64-darwin-23
  x86_64-linux

DEPENDENCIES
  active_link_to
  annotate
  appsignal
  aws-sdk-s3
  benchmark-ips
  bootsnap
  brakeman
  cloudinary
  debug
  devise
  dockerfile-rails
  doorkeeper
  guard
  guard-minitest
  image_processing
  importmap-rails
  inline_svg
  kramdown
  kramdown-parser-gfm
  letter_opener
  memo_wise
  mini_magick
  minitest-test_profile
  oj
  omniauth-airtable!
  omniauth-rails_csrf_protection
  pagy
  pg
  pg_query
  pghero
  propshaft
  puma
  rack-mini-profiler
  rails
  redis
  redlock
  responders
  rubocop
  sidekiq
  sidekiq-scheduler
  singed
  slim
  stackprof
  standard
  standard-performance
  standard-rails
  stimulus-rails
  stripe
  tailwindcss-rails
  tickly!
  turbo-rails (~> 2.0.0.pre.beta.1)
  web-console
  webmock

CHECKSUMS
  actioncable (7.1.2) sha256=9e7c1bcf5bf57e5bdce846f6281b0ca2aec1ebd0ce1b99b0454194b6e52c7416
  actionmailbox (7.1.2) sha256=b7785621fcda24c518c343f037d17da37065c818ad9d92d2a42c206537a57d51
  actionmailer (7.1.2) sha256=e3ecff2e4fe22ee5133ca4ab1c5284052a91429697f5bae7752992c89a6a6e1e
  actionpack (7.1.2) sha256=eaa2ba517134a7e6495c51e42bfd73424c6c66fbb35f5b6160c7374128341a63
  actiontext (7.1.2) sha256=ba2d42595358b3fe6f79b1ae2840c08c8c134b6417ae3432505ccab446328e34
  actionview (7.1.2) sha256=f540c4360fc94e56e1085b3b4c4916bc5934a6633d5a5ed45014baabaa18b3cb
  active_link_to (1.0.5) sha256=4830847b3d14589df1e9fc62038ceec015257fce975ec1c2a77836c461b139ba
  activejob (7.1.2) sha256=d7867b27fa9bb0435da176d76c4392b92eb677a8e9b7971f1d407daadf5313a1
  activemodel (7.1.2) sha256=34d78721cd47899caea662e2a5b5c84768ebd0670845c691ce4ac769990a6ebf
  activerecord (7.1.2) sha256=7e7305deb74ee4e924815b90b53bdc5fe79fcfb09fb4d8d66a02a581b1f92b34
  activestorage (7.1.2) sha256=42b0f9a9bde084edb4aa045a99413885826262251b6bd5ad9727039b90bcd9ce
  activesupport (7.1.2) sha256=5bd81ef71524a14725ecb6c3b07bfc00ae0ccc77dd611190bd93bd9f92abd0d0
  addressable (2.8.5) sha256=63f0fbcde42edf116d6da98a9437f19dd1692152f1efa3fcc4741e443c772117
  annotate (3.2.0) sha256=9a61baa1fb13880aa3a8d9f62553889bb2a3b7970f88bbc66d3ac75a567780d3
  appsignal (3.4.16) sha256=029a4dab966d6cada467353cc79858f3e0e3a565f8f401adce012d686f86ee6a
  ast (2.4.2) sha256=1e280232e6a33754cde542bc5ef85520b74db2aac73ec14acef453784447cc12
  aws-eventstream (1.3.0) sha256=f1434cc03ab2248756eb02cfa45e900e59a061d7fbdc4a9fd82a5dd23d796d3f
  aws-partitions (1.864.0) sha256=5ae21437336e9baf1cd53f0c09a4ae5ae4e8a6cdd421477c11c9ff011768c19a
  aws-sdk-core (3.190.0) sha256=a3455fb3fc1691dd5331282ff16cb0b2ef136a5b63ed68b77e9fda447ea7cfa6
  aws-sdk-kms (1.74.0) sha256=b2537b21d051f6112c3bd71d2b60783435d08b152c2873d4593af93f539059c7
  aws-sdk-s3 (1.141.0) sha256=cadb88497af6736e86a4a1fc8eb42333fb27ae85901686334252c50862bdd02e
  aws-sigv4 (1.8.0) sha256=84dd99768b91b93b63d1d8e53ee837cfd06ab402812772a7899a78f9f9117cbc
  aws_cf_signer (0.1.3) sha256=e3d01753bf7131e7d18d975763b22080a259fe5b9b9ba57987b419c45312044a
  base64 (0.2.0) sha256=0f25e9b21a02a0cc0cea8ef92b2041035d39350946e8789c562b2d1a3da01507
  bcrypt (3.1.20) sha256=8410f8c7b3ed54a3c00cd2456bf13917d695117f033218e2483b2e40b0784099
  benchmark-ips (2.12.0) sha256=09dd4d5be05db42470e7e7b01be7310564073a054e35d9d9ec7840c523f3dbcb
  bigdecimal (3.1.5)
  bindex (0.8.1) sha256=7b1ecc9dc539ed8bccfc8cb4d2732046227b09d6f37582ff12e50a5047ceb17e
  bootsnap (1.17.0) sha256=6b0ea4dd68f0d424968dcd13953c3f04b13a19a8761c540d3af13507fcfa1347
  brakeman (6.1.0) sha256=0d4066936dd58f0fe757d0ff1ec0744479be9ff06c771be4b581bdf0cb8d7403
  builder (3.2.4) sha256=99caf08af60c8d7f3a6b004029c4c3c0bdaebced6c949165fe98f1db27fbbc10
  cloudinary (1.28.0) sha256=ce4b7ffa3e767730ce86bedc80b3bacbc8e1f17ee35eee85bf9b3ca057d1ce7d
  coderay (1.1.3) sha256=dc530018a4684512f8f38143cd2a096c9f02a1fc2459edcfe534787a7fc77d4b
  colorize (1.1.0) sha256=30b5237f0603f6662ab8d1fc2bd4a96142b806c6415d79e45ef5fdc6a0cfc837
  concurrent-ruby (1.2.2) sha256=3879119b8b75e3b62616acc256c64a134d0b0a7a9a3fcba5a233025bcde22c4f
  connection_pool (2.4.1) sha256=0f40cf997091f1f04ff66da67eabd61a9fe0d4928b9a3645228532512fab62f4
  crack (0.4.5) sha256=798416fb29b8c9f655d139d5559169b39c4a0a3b8f8f39b7f670eec1af9b21b3
  crass (1.0.6) sha256=dc516022a56e7b3b156099abc81b6d2b08ea1ed12676ac7a5657617f012bd45d
  date (3.3.4) sha256=971f2cb66b945bcbea4ddd9c7908c9400b31a71bc316833cb42fa584b59d3291
  debug (1.8.0) sha256=502bd1ad41a9a4b51f557f181cd13650c746390a82b5d11a5d2c81600ca013da
  devise (4.9.3) sha256=480638d6c51b97f56da6e28d4f3e2a1b8e606681b316aa594b87c6ab94923488
  dockerfile-rails (1.5.12) sha256=57df88a7c6f87a093b29328d94b7da382ea97942e192c5ad02b78d4d7b0cd348
  domain_name (0.6.20231109) sha256=5127a1521ecca79d54accefc393f6d19db8600c6224416004414f7eaa28aecbe
  doorkeeper (5.6.8) sha256=bb13508805880758f3552c759e968f4d7abb6a52072d438cf23c6c85c2293642
  drb (2.2.0) sha256=e9e4af1cded3306cfe37e064a0086e302d5f40df9cb4d161d059a6bb3a75d40f
  erubi (1.12.0) sha256=27bedb74dfb1e04ff60674975e182d8ca787f2224f2e8143268c7696f42e4723
  et-orbi (1.2.7) sha256=3b693d47f94a4060ccc07e60adda488759b1e8b9228a633ebbad842dfc245fb4
  faraday (2.7.12) sha256=ed38dcd396d2defcf8a536bbf7ef45e6385392ab815fe087df46777be3a781a7
  faraday-net_http (3.0.2) sha256=6882929abed8094e1ee30344a3369e856fe34530044630d1f652bf70ebd87e8d
  ffi (1.16.3) sha256=6d3242ff10c87271b0675c58d68d3f10148fabc2ad6da52a18123f06078871fb
  formatador (1.1.0) sha256=54e23e2af4d60bb9327c7fac62b29968e4cf28cee0111f726d0bdeadc85e06d0
  fugit (1.9.0) sha256=e92ae18828a094afdd753e42ded0b83ad3449d79adddc5d1ab88e28dbfedd221
  globalid (1.2.1) sha256=70bf76711871f843dbba72beb8613229a49429d1866828476f9c9d6ccc327ce9
  google-protobuf (3.25.1) sha256=e740e099193f8dc4db638326e23868d6c799dbd5ae2fd7565e78d1530cc6d1a3
  guard (2.18.1) sha256=a3893d3b23d538a9b2d6f05a27713e0ed53ea881df0f0550b21a3393c6d87c09
  guard-compat (1.2.1) sha256=3ad21ab0070107f92edfd82610b5cdc2fb8e368851e72362ada9703443d646fe
  guard-minitest (2.4.6) sha256=d89e83d029447c13b191599085d24b6e2fe61e402d275e46491cd3e82f561572
  hashdiff (1.0.1) sha256=2cd4d04f5080314ecc8403c4e2e00dbaa282dff395e2d031bc16c8d501bdd6db
  hashie (5.0.0) sha256=9d6c4e51f2a36d4616cbc8a322d619a162d8f42815a792596039fc95595603da
  http-accept (1.7.0) sha256=c626860682bfbb3b46462f8c39cd470fd7b0584f61b3cc9df5b2e9eb9972a126
  http-cookie (1.0.5) sha256=73756d46c7dbdc7023deecdb8a171348ea95a1b99810b31cfe8b4fb4e9a6318f
  i18n (1.14.1) sha256=9d03698903547c060928e70a9bc8b6b87fda674453cda918fc7ab80235ae4a61
  image_processing (1.12.2) sha256=d3b9e9c5a1cc2607a5214cc28b90d317a03bdd06239584c97535dd73e46f62b8
  importmap-rails (1.2.3) sha256=31f1d82efe03436f3d863626846d0cdfb64e143f2e63690913279e37354312d9
  inline_svg (1.9.0) sha256=f44c5e3d2e401fd619ad3047b7c8cee384517d855edb1d1fb1a248d3cae535d6
  io-console (0.6.0) sha256=ce9d9a3455be48c56cac65b8ef7ec59b07526343905f9fda138791005b563336
  irb (1.10.1) sha256=9c45bb5df9771b2d6b9568d694eff466e52b361cf091c8b561d6399c961cbee2
  jmespath (1.6.2) sha256=238d774a58723d6c090494c8879b5e9918c19485f7e840f2c1c7532cf84ebcb1
  json (2.7.1) sha256=187ea312fb58420ff0c40f40af1862651d4295c8675267c6a1c353f1a0ac3265
  jwt (2.7.1) sha256=07357cd2f180739b2f8184eda969e252d850ac996ed0a23f616e8ff0a90ae19b
  kramdown (2.4.0) sha256=b62e5bcbd6ea20c7a6730ebbb2a107237856e14f29cebf5b10c876cc1a2481c5
  kramdown-parser-gfm (1.1.0) sha256=fb39745516427d2988543bf01fc4cf0ab1149476382393e0e9c48592f6581729
  language_server-protocol (3.17.0.3) sha256=3d5c58c02f44a20d972957a9febe386d7e7468ab3900ce6bd2b563dd910c6b3f
  launchy (2.5.2) sha256=8aa0441655aec5514008e1d04892c2de3ba57bd337afb984568da091121a241b
  letter_opener (1.8.1) sha256=2d2841ec4767786996498f3f71e591458d1d0ba14d7df5162a5b044a6e24adf8
  lint_roller (1.1.0) sha256=2c0c845b632a7d172cb849cc90c1bce937a28c5c8ccccb50dfd46a485003cc87
  listen (3.8.0) sha256=9679040ac6e7845ad9f19cf59ecde60861c78e2fae57a5c20fe35e94959b2f8f
  loofah (2.22.0) sha256=10d76e070c86b12fec74b6a9515fd1940f4459198b991342d0a7897d86c372fe
  lumberjack (1.2.10) sha256=bbfe951629341095028ecbf1ad496b58bec3f8bcad6fe35a203a377839c42b6c
  mail (2.8.1) sha256=ec3b9fadcf2b3755c78785cb17bc9a0ca9ee9857108a64b6f5cfc9c0b5bfc9ad
  marcel (1.0.2) sha256=a013b677ef46cbcb49fd5c59b3d35803d2ee04dd75d8bfdc43533fc5a31f7e4e
  memo_wise (1.8.0) sha256=47fb659c68da73a4fb1de79a9ee9418404d35502d89f4926903a82978f81fbf9
  method_source (1.0.0) sha256=d779455a2b5666a079ce58577bfad8534f571af7cec8107f4dce328f0981dede
  mime-types (3.5.1) sha256=85d772fb6cf21f999ac8085998192fb9dd5d16e86ec4c69c5e79ac3003420d61
  mime-types-data (3.2023.1205) sha256=8c4c79b29b03afdeb6a58c00ef0c5b856cf2371e2edc6cecf9ff33e9c7244a22
  mini_magick (4.12.0) sha256=67302fa84e63f1002b71416a8466968ed0f33d22f5d42962a0c09a9f1c3a906a
  mini_mime (1.1.5) sha256=8681b7e2e4215f2a159f9400b5816d85e9d8c6c6b491e96a12797e798f8bccef
  mini_portile2 (2.8.5) sha256=7a37db8ae758086c3c3ac3a59c036704d331e965d5e106635e4a42d6e66089ce
  minitest (5.20.0) sha256=a3faf26a757ced073aaae0bd10481340f53e221a4f50d8a6033591555374752e
  minitest-test_profile (0.2.2) sha256=d8fb7d6e7963ff8070893afec3e71d0fb4cb42f552135386b800f876379509db
  msgpack (1.7.2) sha256=59ab62fd8a4d0dfbde45009f87eb6f158ab2628a7c48886b0256f175166baaa8
  multi_xml (0.6.0) sha256=d24393cf958adb226db884b976b007914a89c53ad88718e25679d7008823ad52
  mutex_m (0.2.0) sha256=b6ef0c6c842ede846f2ec0ade9e266b1a9dac0bc151682b04835e8ebd54840d5
  nenv (0.3.0) sha256=d9de6d8fb7072228463bf61843159419c969edb34b3cef51832b516ae7972765
  net-imap (0.4.7) sha256=ba2b20395d5fa4f754ba12b0c1a57cf5e3189ade21e8e98646d090afb0a38114
  net-pop (0.1.2) sha256=848b4e982013c15b2f0382792268763b748cce91c9e91e36b0f27ed26420dff3
  net-protocol (0.2.2) sha256=aa73e0cba6a125369de9837b8d8ef82a61849360eba0521900e2c3713aa162a8
  net-smtp (0.4.0) sha256=2d7eb8de289ba8dce3f0d436ee40b9366bea28354c5ba183c8ab2ec05139a3e7
  netrc (0.11.0) sha256=de1ce33da8c99ab1d97871726cba75151113f117146becbe45aa85cb3dabee3f
  nio4r (2.7.0) sha256=9586a685eca8246d6406e712a525e705d15bb88f709d78fc3f141e864df97276
  nokogiri (1.15.5) sha256=22448ca35dbcbdcec60dbe25ccf452b685a5436c28f21b2fec2e20917aba9100
  notiffany (0.1.3) sha256=d37669605b7f8dcb04e004e6373e2a780b98c776f8eb503ac9578557d7808738
  oauth2 (2.0.9) sha256=b21f9defcf52dc1610e0dfab4c868342173dcd707fd15c777d9f4f04e153f7fb
  oj (3.16.2) sha256=f00fd25a1fbc8f9789db766a33e8a266ddbe8ca77bf773be95851a419edf4bbc
  omniauth (2.1.1) sha256=f2e43fc889fd915838bd1c812569e7e8211b7a1a53d1e0dbb9f694a163d7b297
  omniauth-airtable (1.0.0)
  omniauth-oauth2 (1.8.0) sha256=b2f8e9559cc7e2d4efba57607691d6d2b634b879fc5b5b6ccfefa3da85089e78
  omniauth-rails_csrf_protection (1.0.1) sha256=fc546aeb7d43b7b9d7737051c380156e61c8f080b898cd4934d523eaa7e59acf
  orm_adapter (0.5.0) sha256=aa5d0be5d540cbb46d3a93e88061f4ece6a25f6e97d6a47122beb84fe595e9b9
  pagy (6.2.0) sha256=6dd5a71077faaefee1d79c757e8ed974c6eba4303a2d743f46d06abd6e8f876f
  parallel (1.23.0) sha256=27154713ad6ef32fa3dcb7788a721d6c07bca77e72443b4c6080a14145288c49
  parser (3.2.2.4) sha256=edbe6751f85599c8152173ccadbd708f444b7214de2a1d4969441a68e06ac964
  pg (1.5.4) sha256=04f7b247151c639a0b955d8e5a9a41541343f4640aa3c2bdf749a872c339d25d
  pg_query (4.2.3) sha256=1cc9955c7bce8e51e1abc11f1952e3d9d0f1cd4c16c58c56ec75d5aaf1cfd697
  pghero (3.4.0) sha256=9d8899090a058c6f3e79689796a51b69c35d0da9ab5b5338752370c722ed4249
  propshaft (0.8.0) sha256=cad3fa50f78ef59db4938e61e5edc9b6105838cd890f75b1ca4d7c9b5b662b68
  pry (0.14.2) sha256=c4fe54efedaca1d351280b45b8849af363184696fcac1c72e0415f9bdac4334d
  psych (5.1.1.1) sha256=44b0d1823629ac815f1f470af642dc7261489d67feb622a3f5573aa9f5cc5f72
  public_suffix (5.0.4) sha256=35cd648e0d21d06b8dce9331d19619538d1d898ba6d56a6f2258409d2526d1ae
  puma (6.4.0) sha256=d5dda11362744df9f4694708a62e3cfddf72eba7498c16016ebbb30f106712f9
  raabro (1.4.0) sha256=d4fa9ff5172391edb92b242eed8be802d1934b1464061ae5e70d80962c5da882
  racc (1.7.3) sha256=b785ab8a30ec43bce073c51dbbe791fd27000f68d1c996c95da98bf685316905
  rack (3.0.8) sha256=9c2c912fb7bb367ddeea98193fc51f2aa526733066d0846911aaddb13a457248
  rack-mini-profiler (3.3.0) sha256=9bf5546ae4818a9b000393bbeea919024e60808d03f432929a51444960247fb1
  rack-protection (3.0.6) sha256=08c6dfdab74abf57243242df73c286de3d75b2b0110803cd79b4f3f0d531f5ce
  rack-session (2.0.0) sha256=db04b2063e180369192a9046b4559af311990af38c6a93d4c600cee4eb6d4e81
  rack-test (2.1.0) sha256=0c61fc61904049d691922ea4bb99e28004ed3f43aa5cfd495024cc345f125dfb
  rackup (2.1.0) sha256=6ecb884a581990332e45ee17bdfdc14ccbee46c2f710ae1566019907869a6c4d
  rails (7.1.2) sha256=e0a5c335f02356ed3fa0fc2d28718a2541505119ac30d91002bdbf4786db3eeb
  rails-dom-testing (2.2.0) sha256=e515712e48df1f687a1d7c380fd7b07b8558faa26464474da64183a7426fa93b
  rails-html-sanitizer (1.6.0) sha256=86e9f19d2e6748890dcc2633c8945ca45baa08a1df9d8c215ce17b3b0afaa4de
  railties (7.1.2) sha256=f0394dc4ff065aafe6c87103ad3188a54268d811cb1549e4ac8bc56f71581858
  rainbow (3.1.1) sha256=039491aa3a89f42efa1d6dec2fc4e62ede96eb6acd95e52f1ad581182b79bc6a
  rake (13.1.0) sha256=be6a3e1aa7f66e6c65fa57555234eb75ce4cf4ada077658449207205474199c6
  rb-fsevent (0.11.2) sha256=43900b972e7301d6570f64b850a5aa67833ee7d87b458ee92805d56b7318aefe
  rb-inotify (0.10.1) sha256=050062d4f31d307cca52c3f6a7f4b946df8de25fc4bd373e1a5142e41034a7ca
  rdoc (6.6.1) sha256=d9d46f8f9bef79cfe45d9bea2b6b7f4d0a1c02bc9582135175faf6d5afcc4afd
  redis (5.0.8) sha256=3b770ea597850b26d6a9718fa184241e53e6c8a7ae0486ee8bfaefd29f26f3d8
  redis-client (0.19.0) sha256=6ed9af23ff5aa87cf4d59439db77082b4cae5a0abbdd114ec5420bd63456324d
  redlock (2.0.6) sha256=de262f7d7c78112435b6b356766b7733e05c452f25cf66c23b0eec1dc2893dde
  regexp_parser (2.8.3) sha256=953277d2268bfb2f03275f36222ba9b36342f744a886cb7c8eefa8b985842ff7
  reline (0.4.1) sha256=08c2db3d2b835f582d734d3f44cd71c26cae59e2a94a58d562fde36fa4fb26c2
  responders (3.1.1) sha256=92f2a87e09028347368639cfb468f5fefa745cb0dc2377ef060db1cdd79a341a
  rest-client (2.1.0) sha256=35a6400bdb14fae28596618e312776c158f7ebbb0ccad752ff4fa142bf2747e3
  rexml (3.2.6) sha256=e0669a2d4e9f109951cb1fde723d8acd285425d81594a2ea929304af50282816
  rubocop (1.57.2) sha256=8f679dfe42d7821dc61dafb17d14b1294343157a197b9f8a23720ca17fb9161b
  rubocop-ast (1.30.0) sha256=faad6452b1018fee0dd9e21a44445908e94ee2a4435932a9dae0e0740b6349b3
  rubocop-performance (1.19.1) sha256=52664172d944eb45d478ed6d04c8b02c36cf0ee15726fabb6c90a95ca5cdfadf
  rubocop-rails (2.20.2) sha256=d20cbd613900fa22bcf85a7fba78ab68b21fc4f90b1e73c97284d40674332417
  ruby-progressbar (1.13.0) sha256=80fc9c47a9b640d6834e0dc7b3c94c9df37f08cb072b7761e4a71e22cff29b33
  ruby-vips (2.2.0) sha256=3be4fcf4ec77a33bbf25e4f9a9d02b21844f6c39c61af2a8221f699d5683739b
  ruby2_keywords (0.0.5) sha256=ffd13740c573b7301cf7a2e61fc857b2a8e3d3aff32545d6f8300d8bae10e3ef
  rufus-scheduler (3.9.1) sha256=5fca077ca039a0025fa77fcc7484fa64e47a112124babc75d4c072ad05439992
  shellany (0.0.1) sha256=0e127a9132698766d7e752e82cdac8250b6adbd09e6c0a7fbbb6f61964fedee7
  sidekiq (7.2.0) sha256=b230fab62f79f07a3d48d808ad22dff14f4205c934b33afc04d0476ad4bc9332
  sidekiq-scheduler (5.0.3) sha256=30dc8d4da95ac24143662d013442cc571083574f4377928877425dd18796b25c
  singed (0.2.1) sha256=b9d4611c4147e5ceec11cda41da728ebdbeb1870aab89848f38849396d51d140
  slim (5.2.0) sha256=33562726d31bf6edbc3e3408c37c18402d3a26ba94010cbdc9654dd4d4c82cdb
  snaky_hash (2.0.1) sha256=1ac87ec157fcfe7a460e821e0cd48ae1e6f5e3e082ab520f03f31a9259dbdc31
  stackprof (0.2.25) sha256=28db0e2d22b817ae35def7163822505a04a026b02ef119b6aa89d70b967b0d2e
  standard (1.32.1) sha256=2bfb8c6591fc757d96bced5bfa16a49c7781e7bef040d9ca7029d6d563aa702e
  standard-custom (1.0.2) sha256=424adc84179a074f1a2a309bb9cf7cd6bfdb2b6541f20c6bf9436c0ba22a652b
  standard-performance (1.2.1) sha256=a757913b44ba9724ca681789c911d5c0b65f8c6d2ded1e9e0add7c1cb56eef23
  standard-rails (0.2.0) sha256=49a7c77eeb4c448c3d467d5f443b5eb1dcd43e8c3d0c7beb87c151b5f8f16fbc
  stimulus-rails (1.3.0) sha256=19d138829c2d6e6cc22c2c12141d621a8db29400dc93be01dcc9dda2ce227e7c
  stringio (3.1.0) sha256=c1f6263ae03a15025e51194ab19b06b15e06adcaaedb7f5f6c06ab60f5d67718
  stripe (10.2.0) sha256=fdfac1ca42ba9551dc8e14b26d5ffe46bc66b767027b866e1cc953c94c5b2168
  tailwindcss-rails (2.0.32-aarch64-linux) sha256=8ad2d425e16268725faea6645ffe92d7d4cbbe9881b015083e3426c930ab25e6
  tailwindcss-rails (2.0.32-arm64-darwin) sha256=7e688e2e1c98dc33b03ff8aff630c510092c643c8e5914dbc3c0cfa0ae0cae94
  tailwindcss-rails (2.0.32-x86_64-linux) sha256=1901b94c9e081fd85d319fc4527b49108782068488f1ee61a6713bf7949ff3f1
  temple (0.10.3) sha256=df3145fe6577af1e25387eb7f7122d32ed51bdb6f2e7bb0f4fbf07b66151913b
  thor (1.3.0) sha256=1adc7f9e5b3655a68c71393fee8bd0ad088d14ee8e83a0b73726f23cbb3ca7c3
  tickly (2.1.7)
  tilt (2.3.0) sha256=82dd903d61213c63679d28e404ee8e10d1b0fdf5270f1ad0898ec314cc3e745c
  timeout (0.4.1) sha256=6f1f4edd4bca28cffa59501733a94215407c6960bd2107331f0280d4abdebb9a
  turbo-rails (2.0.0.pre.beta.1) sha256=3325621735cd5fa76d44d5a646e8106ed5c72b72286c5fc5d5cb82ddd2e2cb22
  tzinfo (2.0.6) sha256=8daf828cc77bcf7d63b0e3bdb6caa47e2272dcfaf4fbfe46f8c3a9df087a829b
  unicode-display_width (2.5.0) sha256=7e7681dcade1add70cb9fda20dd77f300b8587c81ebbd165d14fd93144ff0ab4
  version_gem (1.1.3) sha256=07ba4b679abc44198950d191a994d5a504f8f6aad470178e491467f638d0df60
  warden (1.2.9) sha256=46684f885d35a69dbb883deabf85a222c8e427a957804719e143005df7a1efd0
  web-console (4.2.1) sha256=e7bcf37a10ea2b4ec4281649d1cee461b32232d0a447e82c786e6841fd22fe20
  webmock (3.19.1) sha256=eae7eee33989478188451f1fda4224d7fbe097c5c14e96b40b57347ef2d5d16d
  webrick (1.8.1) sha256=19411ec6912911fd3df13559110127ea2badd0c035f7762873f58afc803e158f
  websocket-driver (0.7.6) sha256=f69400be7bc197879726ad8e6f5869a61823147372fd8928836a53c2c741d0db
  websocket-extensions (0.1.5) sha256=1c6ba63092cda343eb53fc657110c71c754c56484aad42578495227d717a8241
  zeitwerk (2.6.12) sha256=561e12975d0332fd3b62cc859aff3bab432e5f320689c8a10cd4674b5c0439be

RUBY VERSION
   ruby 3.3.0.dev

BUNDLED WITH
   2.5.0.dev
